GEM
  remote: https://rubygems.org/
  specs:
    mina (0.3.0)
      open4
      rake
    open4 (1.3.0)
    rake (10.1.0)
    redcarpet (3.0.0)

PLATFORMS
  ruby

DEPENDENCIES
  mina
  rake
  redcarpet
